GEM
  remote: https://rubygems.org/
  specs:
    activemodel (4.2.1)
      activesupport (= 4.2.1)
      builder (~> 3.1)
    activesupport (4.2.1)
      i18n (~> 0.7)
      json (~> 1.7, >= 1.7.7)
      minitest (~> 5.1)
      thread_safe (~> 0.3, >= 0.3.4)
      tzinfo (~> 1.1)
    backports (3.6.4)
    builder (3.2.2)
    coderay (1.1.0)
    engtagger (0.2.0)
    faker (1.4.3)
      i18n (~> 0.5)
    httparty (0.10.2)
      multi_json (~> 1.0)
      multi_xml (>= 0.5.2)
    i18n (0.7.0)
    indefinite_article (0.2.0)
      activesupport
    json (1.8.2)
    libxml-ruby (2.8.0)
    marky_markov (0.3.5)
      msgpack
    method_source (0.8.2)
    mini_portile (0.6.0)
    minitest (5.5.1)
    msgpack (0.5.11)
    multi_json (1.11.0)
    multi_xml (0.5.5)
    nokogiri (1.6.3.1)
      mini_portile (= 0.6.0)
    oauth (0.4.7)
    pry (0.10.1)
      coderay (~> 1.1.0)
      method_source (~> 0.8.1)
      slop (~> 3.4)
    rack (1.6.0)
    rack-protection (1.5.3)
      rack
    rack-test (0.6.3)
      rack (>= 1.0)
    redis (3.2.1)
    rosemary (0.4.3)
      activemodel (>= 3.0.20)
      builder (>= 2.1.2)
      httparty (~> 0.10.0)
      libxml-ruby (>= 2.4.0)
      oauth (>= 0.4.7)
    rwordnet (1.0.0)
    sinatra (1.4.6)
      rack (~> 1.4)
      rack-protection (~> 1.4)
      tilt (>= 1.3, < 3)
    sinatra-contrib (1.4.2)
      backports (>= 2.0)
      multi_json
      rack-protection
      rack-test
      sinatra (~> 1.4.0)
      tilt (~> 1.3)
    sinatra-reloader (1.0)
      sinatra-contrib
    slop (3.6.0)
    thread_safe (0.3.5)
    tilt (1.4.1)
    tzinfo (1.2.2)
      thread_safe (~> 0.1)
    verbs (2.1.4)
      activesupport (>= 2.3.4)
      i18n

PLATFORMS
  ruby

DEPENDENCIES
  activesupport
  engtagger
  faker
  indefinite_article
  marky_markov
  nokogiri
  pry
  redis
  rosemary
  rwordnet
  sinatra
  sinatra-reloader
  verbs
